GEM
  remote: https://rubygems.org/
  specs:
    httpclient (2.4.0)

PLATFORMS
  ruby

DEPENDENCIES
  httpclient
