GEM
  remote: https://rubygems.org/
  specs:
    httpclient (2.4.0)
    json (1.8.1)

PLATFORMS
  ruby

DEPENDENCIES
  httpclient
  json
